GEM
  remote: http://rubygems.org/
  specs:
    crack (0.1.8)
    hashie (0.4.0)
    httparty (0.6.1)
      crack (= 0.1.8)
    multi_json (0.0.5)
    oauth (0.4.4)
    twitter (0.9.12)
      hashie (~> 0.4.0)
      httparty (~> 0.6.1)
      multi_json (~> 0.0.4)
      oauth (~> 0.4.3)

PLATFORMS
  ruby

DEPENDENCIES
<<<<<<< Updated upstream
  twitter (~> 0.9)
=======
  twitter (>= 1.0)
>>>>>>> Stashed changes
